GEM
  remote: http://rubygems.org/
  specs:
    builder (3.1.2)
    capture-output (1.0.0)
    cli (1.1.1)
    cucumber (1.2.1)
      builder (>= 2.1.2)
      diff-lcs (>= 1.1.3)
      gherkin (~> 2.11.0)
      json (>= 1.4.6)
    diff-lcs (1.1.3)
    facter (1.6.11)
    ffi (1.1.5)
    ffi-rzmq (0.9.6)
      ffi
    gherkin (2.11.2)
      json (>= 1.4.6)
    git (1.2.5)
    jeweler (1.8.4)
      bundler (~> 1.0)
      git (>= 1.2.5)
      rake
      rdoc
    json (1.7.5)
    little-plugger (1.1.3)
    logging (1.7.2)
      little-plugger (>= 1.1.3)
    msgpack (0.4.7)
    periodic-scheduler (0.4.0)
    rake (0.9.2.2)
    rdoc (3.12)
      json (~> 1.4)
    retry-this (1.1)
    rspec (2.8.0)
      rspec-core (~> 2.8.0)
      rspec-expectations (~> 2.8.0)
      rspec-mocks (~> 2.8.0)
    rspec-core (2.8.0)
    rspec-expectations (2.8.0)
      diff-lcs (~> 1.1.2)
    rspec-mocks (2.8.0)
    rubytree (0.8.3)
      json (>= 1.7.5)
      structured_warnings (>= 0.1.3)
    structured_warnings (0.1.3)

PLATFORMS
  ruby

DEPENDENCIES
  bundler (~> 1.1)
  capture-output (~> 1.0.0)
  cli (~> 1.1.1)
  cucumber
  facter (~> 1.6.5)
  ffi-rzmq (~> 0.9.3)
  jeweler (~> 1.8.3)
  logging (~> 1.7.0)
  msgpack (~> 0.4.6)
  periodic-scheduler (~> 0.4)
  rdoc (~> 3.12)
  retry-this (~> 1.1)
  rspec (~> 2.8.0)
  rubytree (~> 0.8.3)
